GEM
  remote: https://www.rubygems.org/
  specs:
    activesupport (3.2.11)
      i18n (~> 0.6)
      multi_json (~> 1.0)
    em-irc (0.0.2)
      activesupport
      eventmachine
    eventmachine (1.0.0)
    i18n (0.6.1)
    mail (2.5.3)
      i18n (>= 0.4.0)
      mime-types (~> 1.16)
      treetop (~> 1.4.8)
    mime-types (1.21)
    multi_json (1.5.0)
    polyglot (0.3.3)
    pony (1.4)
      mail (> 2.0)
    treetop (1.4.12)
      polyglot
      polyglot (>= 0.3.1)

PLATFORMS
  ruby

DEPENDENCIES
  em-irc
  mail
  pony
